GEM
  remote: https://rubygems.org/
  specs:
    addressable (2.3.7)
    domain_name (0.5.22)
      unf (>= 0.0.5, < 1.0.0)
    erubis (2.7.0)
    http-cookie (1.0.2)
      domain_name (~> 0.5)
    json (1.8.2)
    mechanize (2.7.3)
      domain_name (~> 0.5, >= 0.5.1)
      http-cookie (~> 1.0)
      mime-types (~> 2.0)
      net-http-digest_auth (~> 1.1, >= 1.1.1)
      net-http-persistent (~> 2.5, >= 2.5.2)
      nokogiri (~> 1.4)
      ntlm-http (~> 0.1, >= 0.1.1)
      webrobots (>= 0.0.9, < 0.2)
    mime-types (2.4.3)
    mini_portile (0.6.0)
    net-http-digest_auth (1.4)
    net-http-persistent (2.9.4)
    nokogiri (1.6.3.1)
      mini_portile (= 0.6.0)
    ntlm-http (0.1.1)
    pdfkit (0.6.2)
    rest-client (1.6.7)
      mime-types (>= 1.16)
    tilt (2.0.1)
    unf (0.1.4)
      unf_ext
    unf_ext (0.0.6)
    unirest (1.1.2)
      addressable (~> 2.3.5)
      json (~> 1.8.1)
      rest-client (~> 1.6.7)
    webrobots (0.1.1)
    yahoo-finance (0.2.0)

PLATFORMS
  ruby

DEPENDENCIES
  erubis
  mechanize
  pdfkit
  tilt
  unirest
  yahoo-finance
